GEM
  remote: https://rubygems.org/
  specs:
    activesupport (6.0.0)
      concurrent-ruby (~> 1.0, >= 1.0.2)
      i18n (>= 0.7, < 2)
      minitest (~> 5.1)
      tzinfo (~> 1.1)
      zeitwerk (~> 2.1, >= 2.1.8)
    builder (3.2.3)
    concurrent-ruby (1.1.5)
    date (2.0.0)
    dotenv (2.7.5)
    httparty (0.17.1)
      mime-types (~> 3.0)
      multi_xml (>= 0.5.2)
    i18n (1.7.0)
      concurrent-ruby (~> 1.0)
    mime-types (3.3)
      mime-types-data (~> 3.2015)
    mime-types-data (3.2019.1009)
    minitest (5.13.0)
    multi_xml (0.6.0)
    mustermann (1.0.3)
    rack (2.0.5)
    rack-protection (2.0.7)
      rack
    shotgun (0.9.2)
      rack (>= 1.0)
    sinatra (2.0.7)
      mustermann (~> 1.0)
      rack (~> 2.0)
      rack-protection (= 2.0.7)
      tilt (~> 2.0)
    sitemap_generator (6.0.2)
      builder (~> 3.0)
    thread_safe (0.3.6)
    tilt (2.0.8)
    tzinfo (1.2.5)
      thread_safe (~> 0.1)
    zeitwerk (2.2.1)

PLATFORMS
  ruby

DEPENDENCIES
  activesupport
  date
  dotenv
  httparty
  shotgun
  sinatra
  sitemap_generator

RUBY VERSION
   ruby 2.6.3p62

BUNDLED WITH
   1.17.2
