GEM
  specs:
    mustermann (~> 1.0)
    rack (2.0.5)
    rack-protection (2.0.7)
      rack
    sinatra (2.0.7)
      mustermann (~> 1.0)
      rack (~> 2.0)
      rack-protection (= 2.0.7)
      tilt (~> 2.0)
    tilt (2.0.8)

PLATFORMS
  ruby

DEPENDENCIES
  sinatra

BUNDLED WITH
   1.16.1
